PATH
  remote: .
  specs:
    database-tasks (0.1.0)
      sequel (~> 5)

GEM
  remote: https://rubygems.org/
  specs:
    sequel (5.38.0)

PLATFORMS
  ruby

DEPENDENCIES
  database-tasks!

BUNDLED WITH
   2.1.4
